GEM
  remote: https://rubygems.org/
  specs:
    gemika (0.6.1)
    rake (13.0.3)

PLATFORMS
  ruby

DEPENDENCIES
  gemika
  rake

BUNDLED WITH
   2.2.17
